GIT
  remote: git://github.com/crossroads/crowd.git
  revision: 3b0da25cf2d57ac6e5633b5e601538eb1291c98c
  specs:
    crowd-crossroads (0.5.12)

GIT
  remote: git://github.com/crossroads/crowd_rails.git
  revision: 371f57ee567bec9acfafc6e05b4bf25de568936e
  specs:
    crowd_rails (0.5.11)

GIT
  remote: git://github.com/crossroads/ffcrm_authlogic_api.git
  revision: 07255c45616bd55181c8398c096f17c01877d8b7
  specs:
    ffcrm_authlogic_api (0.1.0)
      authlogic
      fat_free_crm

GIT
  remote: git://github.com/crossroads/ffcrm_crossroads_formstack.git
  revision: 214197e161819c6490371a241895f93c2d059324
  specs:
    ffcrm_crossroads_formstack (1.0.2)
      fat_free_crm
      formstack

GIT
  remote: git://github.com/crossroads/ffcrm_meta_search.git
  revision: 818e7e3edb24f39fe5d02cfa97018d89784d1395
  specs:
    ffcrm_meta_search (1.0.1)
      fat_free_crm

GIT
  remote: git://github.com/fatfreecrm/fat_free_crm.git
  revision: 5870e3ab01737de19d70426d328233ae8000c4fd
  branch: master
  specs:
    fat_free_crm (0.12.0)
      acts-as-taggable-on (~> 2.3.3)
      acts_as_commentable (~> 3.0.1)
      acts_as_list (~> 0.1.4)
      ajax-chosen-rails (>= 0.2.1)
      authlogic (= 3.1.0)
      cancan
      cocaine
      dynamic_form
      email_reply_parser_ffcrm
      ffaker (>= 1.12.0)
      haml (~> 3)
      jquery-rails (~> 2.1.4)
      nokogiri
      paper_trail
      paperclip (~> 2.8.0)
      premailer
      prototype-rails
      rails (~> 3.2.12)
      rails3-jquery-autocomplete
      ransack_ffcrm (~> 0.7.1)
      ransack_ui (>= 1.1.0)
      responds_to_parent (>= 1.1.0)
      sass (~> 3)
      select2-rails
      simple_form (~> 2.0.1)
      valium
      will_paginate (~> 3.0.2)

GIT
  remote: git://github.com/fatfreecrm/ffcrm_crowd.git
  revision: ef4ed028473c4529cad6e1bcbc9526aea9b9909a
  specs:
    ffcrm_crowd (1.0.1)
      fat_free_crm

GIT
  remote: git://github.com/fatfreecrm/ffcrm_lookup_field.git
  revision: a1cd4637e3888d273162b462d902ac5f11556083
  specs:
    ffcrm_lookup_field (0.0.1)
      rails (~> 3.2.8)

GIT
  remote: git://github.com/fatfreecrm/ffcrm_merge.git
  revision: 54c9f81932d06cd2708eeb6c058818f82bedc289
  specs:
    ffcrm_merge (1.3.1)
      fat_free_crm

GIT
  remote: git://github.com/fatfreecrm/ffcrm_service_hooks.git
  revision: 6a387d4b1819f53cefe584b77f60965e39feaa36
  specs:
    ffcrm_service_hooks (1.0.1)
      fat_free_crm
      nestful

GIT
  remote: git://github.com/tribalvibes/soap4r-spox.git
  revision: 7e3cb897d7c0f5a0bc47fe6976610348cbd1f80a
  specs:
    soap4r (1.5.8.5)
      httpclient (>= 2.1.1)

GIT
  remote: git@bitbucket.org:crossroadsIT/ffcrm_calendar.git
  revision: 886901e6041606e316ce316a34781421ff34af10
  specs:
    ffcrm_calendar (0.0.1)
      cache_digests (>= 0.2.0)
      rails (~> 3.2.11)
      ri_cal

GIT
  remote: git@bitbucket.org:crossroadsIT/ffcrm_crossroads.git
  revision: 204661f36618defdc5840e5f4b68a5e8799d7f4b
  specs:
    ffcrm_crossroads (1.0.1)
      cache_digests (>= 0.2.0)
      fat_free_crm
      nestful

GIT
  remote: git@bitbucket.org:crossroadsIT/ffcrm_devise.git
  revision: 03710df2d4faa4e2dceb59fa51094b1d0510b1f6
  specs:
    ffcrm_devise (0.0.1)
      devise
      fat_free_crm
      omniauth
      omniauth_crowd

GEM
  remote: https://rubygems.org/
  specs:
    RedCloth (4.2.9)
    actionmailer (3.2.12)
      actionpack (= 3.2.12)
      mail (~> 2.4.4)
    actionpack (3.2.12)
      activemodel (= 3.2.12)
      activesupport (= 3.2.12)
      builder (~> 3.0.0)
      erubis (~> 2.7.0)
      journey (~> 1.0.4)
      rack (~> 1.4.5)
      rack-cache (~> 1.2)
      rack-test (~> 0.6.1)
      sprockets (~> 2.2.1)
    activemodel (3.2.12)
      activesupport (= 3.2.12)
      builder (~> 3.0.0)
    activerecord (3.2.12)
      activemodel (= 3.2.12)
      activesupport (= 3.2.12)
      arel (~> 3.0.2)
      tzinfo (~> 0.3.29)
    activeresource (3.2.12)
      activemodel (= 3.2.12)
      activesupport (= 3.2.12)
    activesupport (3.2.12)
      i18n (~> 0.6)
      multi_json (~> 1.0)
    acts-as-taggable-on (2.3.3)
      rails (~> 3.0)
    acts_as_commentable (3.0.1)
    acts_as_list (0.1.9)
    addressable (2.3.3)
    ajax-chosen-rails (0.2.1)
      chosen-rails_ffcrm
      railties (~> 3.0)
      thor (~> 0.14)
    arel (3.0.2)
    authlogic (3.1.0)
      activerecord (>= 3.0.7)
      activerecord (>= 3.0.7)
    bcrypt-ruby (3.0.1)
    better_errors (0.3.2)
      coderay (>= 1.0.0)
      erubis (>= 2.7.0)
    binding_of_caller (0.6.8)
    builder (3.0.4)
    bundler_local_development (0.3.0)
      bundler
    cache_digests (0.2.0)
      actionpack (>= 3.2)
    cancan (1.6.9)
    capistrano (2.13.5)
      highline
      net-scp (>= 1.0.0)
      net-sftp (>= 2.0.0)
      net-ssh (>= 2.0.14)
      net-ssh-gateway (>= 1.1.0)
    capistrano-ext (1.2.1)
      capistrano (>= 1.0.0)
    capistrano_colors (0.5.5)
    chosen-rails_ffcrm (0.9.5)
      railties (~> 3.0)
      thor (~> 0.14)
    chronic (0.6.7)
    climate_control (0.0.3)
      activesupport (>= 3.0)
    cocaine (0.5.1)
      climate_control (>= 0.0.3, < 1.0)
    coderay (1.0.8)
    coffee-rails (3.2.2)
      coffee-script (>= 2.2.0)
      railties (~> 3.2.0)
    coffee-script (2.2.0)
      coffee-script-source
      execjs
    coffee-script-source (1.4.0)
    columnize (0.3.6)
    crossroads_capistrano (1.4.43)
      capistrano (>= 2.6.0)
      capistrano-ext (>= 1.2.1)
      capistrano_colors (>= 0.5.4)
      rvm-capistrano (>= 1.2.7)
    css_parser (1.2.6)
      addressable
      rdoc
    daemons (1.1.9)
    debugger (1.2.1)
      columnize (>= 0.3.1)
      debugger-linecache (~> 1.1.1)
      debugger-ruby_core_source (~> 1.1.4)
    debugger-linecache (1.1.2)
      debugger-ruby_core_source (>= 1.1.1)
    debugger-ruby_core_source (1.1.4)
    devise (2.2.3)
      bcrypt-ruby (~> 3.0)
      orm_adapter (~> 0.1)
      railties (~> 3.1)
      warden (~> 1.2.1)
    dynamic_form (1.1.4)
    email_reply_parser_ffcrm (0.5.0)
    erubis (2.7.0)
    eventmachine (1.0.0)
    execjs (1.4.0)
      multi_json (~> 1.0)
    ffaker (1.15.0)
    formstack (0.0.1)
      hashie (>= 0.1.3)
      httparty (>= 0.1.0)
    haml (3.1.8)
    hashie (1.2.0)
    highline (1.6.15)
    hike (1.2.1)
    hoptoad_notifier (2.4.11)
      activesupport
      builder
    htmlentities (4.3.1)
    httparty (0.10.2)
      multi_json (~> 1.0)
      multi_xml (>= 0.5.2)
    httpclient (2.3.2)
    i18n (0.6.4)
    journey (1.0.4)
    jquery-rails (2.1.4)
      railties (>= 3.0, < 5.0)
      thor (>= 0.14, < 2.0)
    json (1.7.7)
    libv8 (3.3.10.4)
    mail (2.4.4)
      i18n (>= 0.4.0)
      mime-types (~> 1.16)
      treetop (~> 1.4.8)
    meta_request (0.2.0)
      rack-contrib
      rails
    mime-types (1.21)
    multi_json (1.6.1)
    multi_xml (0.5.3)
    nestful (0.0.8)
      activesupport (>= 3.0.0.beta)
    net-scp (1.0.4)
      net-ssh (>= 1.99.1)
    net-sftp (2.0.5)
      net-ssh (>= 2.0.9)
    net-ssh (2.6.2)
    net-ssh-gateway (1.1.0)
      net-ssh (>= 1.99.1)
    newrelic_rpm (3.5.4.33)
    nokogiri (1.5.6)
    omniauth (1.1.2)
      hashie (~> 1.2)
      rack
    omniauth_crowd (2.1.1)
      nokogiri (>= 1.4.4)
      omniauth (~> 1.0)
    orm_adapter (0.4.0)
    paper_trail (2.7.1)
      activerecord (~> 3.0)
      railties (~> 3.0)
    paperclip (2.8.0)
      activerecord (>= 2.3.0)
      activesupport (>= 2.3.2)
      cocaine (>= 0.0.2)
      mime-types
    pg (0.13.2)
    polyamorous (0.5.0)
      activerecord (~> 3.0)
    polyglot (0.3.3)
    premailer (1.7.3)
      css_parser (>= 1.1.9)
      htmlentities (>= 4.0.0)
    prototype-rails (3.2.1)
      rails (~> 3.2)
    quiet_assets (1.0.1)
      railties (~> 3.1)
    rack (1.4.5)
    rack-cache (1.2)
      rack (>= 0.4)
    rack-contrib (1.1.0)
      rack (>= 0.9.1)
    rack-ssl (1.3.3)
      rack
    rack-test (0.6.2)
      rack (>= 1.0)
    rails (3.2.12)
      actionmailer (= 3.2.12)
      actionpack (= 3.2.12)
      activerecord (= 3.2.12)
      activeresource (= 3.2.12)
      activesupport (= 3.2.12)
      bundler (~> 1.0)
      railties (= 3.2.12)
    rails3-jquery-autocomplete (1.0.11)
      rails (~> 3.0)
    railties (3.2.12)
      actionpack (= 3.2.12)
      activesupport (= 3.2.12)
      rack-ssl (~> 1.3.2)
      rake (>= 0.8.7)
      rdoc (~> 3.4)
      thor (>= 0.14.6, < 2.0)
    rake (10.0.3)
    ransack (0.7.2)
      actionpack (~> 3.0)
      activerecord (~> 3.0)
      polyamorous (~> 0.5.0)
    ransack_chronic (1.1.0)
      chronic (>= 0.6.7)
    ransack_ffcrm (0.7.1)
      actionpack (~> 3.0)
      activerecord (~> 3.0)
      chronic (~> 0.6.7)
      polyamorous (~> 0.5.0)
    ransack_ui (1.1.0)
      ransack
      ransack_chronic (>= 1.1.0)
    rdoc (3.12.2)
      json (~> 1.4)
    responds_to_parent (1.1.0)
    ri_cal (0.8.8)
    rvm-capistrano (1.2.7)
      capistrano (>= 2.0.0)
    sass (3.2.6)
    sass-rails (3.2.6)
      railties (~> 3.2.0)
      sass (>= 3.1.10)
      tilt (~> 1.3)
    select2-rails (3.3.0)
      sass-rails (~> 3.2)
      thor (~> 0.14)
    simple_form (2.0.4)
      actionpack (~> 3.0)
      activemodel (~> 3.0)
    sprockets (2.2.2)
      hike (~> 1.2)
      multi_json (~> 1.0)
      rack (~> 1.0)
      tilt (~> 1.1, != 1.3.0)
    therubyracer (0.10.2)
      libv8 (~> 3.3.10)
    thin (1.5.0)
      daemons (>= 1.0.9)
      eventmachine (>= 0.12.6)
      rack (>= 1.0.0)
    thor (0.17.0)
    tilt (1.3.4)
    treetop (1.4.12)
      polyglot
      polyglot (>= 0.3.1)
    turbo-sprockets-rails3 (0.3.6)
      railties (> 3.2.8, < 4.0.0)
      sprockets (>= 2.0.0)
    tzinfo (0.3.35)
    uglifier (1.3.0)
      execjs (>= 0.3.0)
      multi_json (~> 1.0, >= 1.0.2)
    valium (0.5.0)
      activerecord (>= 3.0.2)
    warden (1.2.1)
      rack (>= 1.0)
    whenever (0.7.3)
      activesupport (>= 2.3.4)
      chronic (~> 0.6.3)
    will_paginate (3.0.4)

PLATFORMS
  ruby

DEPENDENCIES
  RedCloth
  better_errors
  binding_of_caller
  bundler_local_development
  coffee-rails (~> 3.2.1)
  crossroads_capistrano (~> 1.4.3)
  crowd-crossroads!
  crowd_rails!
  debugger
  fat_free_crm!
  ffcrm_authlogic_api!
  ffcrm_calendar!
  ffcrm_crossroads!
  ffcrm_crossroads_formstack!
  ffcrm_crowd!
  ffcrm_devise!
  ffcrm_lookup_field!
  ffcrm_merge!
  ffcrm_meta_search!
  ffcrm_service_hooks!
  hoptoad_notifier
  meta_request
  newrelic_rpm
  pg (~> 0.13.2)
  quiet_assets
  sass-rails (~> 3.2.3)
  soap4r!
  therubyracer
  thin
  turbo-sprockets-rails3
  uglifier (>= 1.0.3)
  whenever (~> 0.7.0)
