GIT
  remote: git://github.com/crossroads/crossroads_capistrano.git
  revision: e6822b70f69bde8ae6c15b3e268be02256164636
  specs:
    crossroads_capistrano (1.4.42)
      capistrano (>= 2.6.0)
      capistrano-ext (>= 1.2.1)
      capistrano_colors (>= 0.5.4)
      rvm-capistrano (>= 1.0.1)

GIT
  remote: git://github.com/crossroads/crowd.git
  revision: 3b0da25cf2d57ac6e5633b5e601538eb1291c98c
  specs:
    crowd-crossroads (0.5.12)

GIT
  remote: git://github.com/crossroads/crowd_rails.git
  revision: 371f57ee567bec9acfafc6e05b4bf25de568936e
  specs:
    crowd_rails (0.5.11)

GIT
  remote: git://github.com/crossroads/ffcrm_authlogic_api.git
  revision: 07255c45616bd55181c8398c096f17c01877d8b7
  specs:
    ffcrm_authlogic_api (0.1.0)
      authlogic
      fat_free_crm

GIT
  remote: git://github.com/crossroads/ffcrm_crossroads_formstack.git
  revision: 48f6a128b7c0d3aefa21797280b4a0d27e768435
  specs:
    ffcrm_crossroads_formstack (1.0.2)
      fat_free_crm

GIT
  remote: git://github.com/crossroads/ffcrm_meta_search.git
  revision: 830415e9aebd4c95e2b860e7034d0d23260794be
  specs:
    ffcrm_meta_search (1.0.1)
      fat_free_crm

GIT
  remote: git://github.com/crossroads/mingle4r.git
  revision: 1eb1401035f2089d4a9cd6e8e716f02cc59e0bfe
  specs:
    mingle4r (0.4.8)
      activeresource

GIT
  remote: git://github.com/fatfreecrm/fat_free_crm.git
  revision: 4f560f28c4ca6bd18ff7220a5184a91246a13c38
  specs:
    fat_free_crm (0.11.3)
      acts-as-taggable-on (~> 2.3.3)
      acts_as_commentable (~> 3.0.1)
      acts_as_list (~> 0.1.4)
      ajax-chosen-rails (>= 0.2.1)
      authlogic (= 3.1.0)
      cancan
      cocaine
      dynamic_form
      email_reply_parser_ffcrm
      ffaker (>= 1.12.0)
      haml (~> 3)
      jquery-rails
      nokogiri
      paper_trail
      paperclip (~> 2.8.0)
      premailer
      prototype-rails
      rails (~> 3.2)
      rails3-jquery-autocomplete
      ransack_ffcrm (~> 0.7.1)
      ransack_ui (>= 0.1.3)
      responds_to_parent (>= 1.1.0)
      sass (~> 3)
      select2-rails
      simple_form (~> 2.0.1)
      valium
      will_paginate (~> 3.0.2)

GIT
  remote: git://github.com/fatfreecrm/ffcrm_crowd.git
  revision: 58571da70f1570b79ce8fd6d3ee913ff19655be9
  specs:
    ffcrm_crowd (1.0.1)
      fat_free_crm

GIT
  remote: git://github.com/fatfreecrm/ffcrm_lookup_field.git
  revision: b66ac12e3ab59cbc0ada946975c9f421bfb6d4e5
  specs:
    ffcrm_lookup_field (0.0.1)
      rails (~> 3.2.8)

GIT
  remote: git://github.com/fatfreecrm/ffcrm_merge.git
  revision: e182bb22355dccd116cdf212c30f5782df51c551
  specs:
    ffcrm_merge (1.2)
      fat_free_crm

GIT
  remote: git://github.com/fatfreecrm/ffcrm_mingle.git
  revision: 6c2c32ae27c6765d1101446d939c5359cf97ba1a
  specs:
    ffcrm_mingle (1.0.1)
      fat_free_crm
      mingle4r

GIT
  remote: git://github.com/fatfreecrm/ffcrm_service_hooks.git
  revision: 6a387d4b1819f53cefe584b77f60965e39feaa36
  specs:
    ffcrm_service_hooks (1.0.1)
      fat_free_crm
      nestful

GIT
  remote: git://github.com/tribalvibes/soap4r-spox.git
  revision: 7e3cb897d7c0f5a0bc47fe6976610348cbd1f80a
  specs:
    soap4r (1.5.8.5)
      httpclient (>= 2.1.1)

GIT
  remote: git@bitbucket.org:crossroadsIT/ffcrm_calendar.git
  revision: 36ec054ae59e57ecf0d45f483eb84943a19fdbba
  specs:
    ffcrm_calendar (0.0.1)
      rails (~> 3.2.7)
      ri_cal

GIT
  remote: git@bitbucket.org:crossroadsIT/ffcrm_crossroads.git
  revision: ea20e091dfbeda8eed35ad778233f7e1d8824943
  specs:
    ffcrm_crossroads (1.0.1)
      fat_free_crm
      nestful

GEM
  remote: http://rubygems.org/
  specs:
    RedCloth (4.2.9)
    actionmailer (3.2.9)
      actionpack (= 3.2.9)
      mail (~> 2.4.4)
    actionpack (3.2.9)
      activemodel (= 3.2.9)
      activesupport (= 3.2.9)
      builder (~> 3.0.0)
      erubis (~> 2.7.0)
      journey (~> 1.0.4)
      rack (~> 1.4.0)
      rack-cache (~> 1.2)
      rack-test (~> 0.6.1)
      sprockets (~> 2.2.1)
    activemodel (3.2.9)
      activesupport (= 3.2.9)
      builder (~> 3.0.0)
    activerecord (3.2.9)
      activemodel (= 3.2.9)
      activesupport (= 3.2.9)
      arel (~> 3.0.2)
      tzinfo (~> 0.3.29)
    activeresource (3.2.9)
      activemodel (= 3.2.9)
      activesupport (= 3.2.9)
    activesupport (3.2.9)
      i18n (~> 0.6)
      multi_json (~> 1.0)
    acts-as-taggable-on (2.3.3)
      rails (~> 3.0)
    acts_as_commentable (3.0.1)
    acts_as_list (0.1.8)
    addressable (2.3.2)
    ajax-chosen-rails (0.2.1)
      chosen-rails_ffcrm
      railties (~> 3.0)
      thor (~> 0.14)
    arel (3.0.2)
    authlogic (3.1.0)
      activerecord (>= 3.0.7)
      activerecord (>= 3.0.7)
    builder (3.0.4)
    bundler_local_development (0.3.0)
      bundler
    cancan (1.6.8)
    capistrano (2.13.5)
      highline
      net-scp (>= 1.0.0)
      net-sftp (>= 2.0.0)
      net-ssh (>= 2.0.14)
      net-ssh-gateway (>= 1.1.0)
    capistrano-ext (1.2.1)
      capistrano (>= 1.0.0)
    capistrano_colors (0.5.5)
    choice (0.1.6)
    chosen-rails_ffcrm (0.9.5)
      railties (~> 3.0)
      thor (~> 0.14)
    chronic (0.6.7)
    cocaine (0.4.2)
    coffee-rails (3.2.2)
      coffee-script (>= 2.2.0)
      railties (~> 3.2.0)
    coffee-script (2.2.0)
      coffee-script-source
      execjs
    coffee-script-source (1.4.0)
    columnize (0.3.6)
    css_parser (1.2.6)
      addressable
      rdoc
    debugger (1.2.1)
      columnize (>= 0.3.1)
      debugger-linecache (~> 1.1.1)
      debugger-ruby_core_source (~> 1.1.4)
    debugger-linecache (1.1.2)
      debugger-ruby_core_source (>= 1.1.1)
    debugger-ruby_core_source (1.1.4)
    dynamic_form (1.1.4)
    email_reply_parser_ffcrm (0.5.0)
    erubis (2.7.0)
    execjs (1.4.0)
      multi_json (~> 1.0)
    ffaker (1.15.0)
    formstack (0.0.1)
      hashie (>= 0.1.3)
      httparty (>= 0.1.0)
    haml (3.1.7)
    hashie (1.2.0)
    highline (1.6.15)
    hike (1.2.1)
    hoptoad_notifier (2.4.11)
      activesupport
      builder
    htmlentities (4.3.1)
    httparty (0.9.0)
      multi_json (~> 1.0)
      multi_xml
    httpclient (2.3.0.1)
    i18n (0.6.1)
    journey (1.0.4)
    jquery-rails (2.1.3)
      railties (>= 3.1.0, < 5.0)
      thor (~> 0.14)
    json (1.7.5)
    libv8 (3.3.10.4)
    linecache (0.46)
      rbx-require-relative (> 0.0.4)
    mail (2.4.4)
      i18n (>= 0.4.0)
      mime-types (~> 1.16)
      treetop (~> 1.4.8)
    mime-types (1.19)
    multi_json (1.3.7)
    multi_xml (0.5.1)
    nestful (0.0.8)
      activesupport (>= 3.0.0.beta)
    net-scp (1.0.4)
      net-ssh (>= 1.99.1)
    net-sftp (2.0.5)
      net-ssh (>= 2.0.9)
    net-ssh (2.6.1)
    net-ssh-gateway (1.1.0)
      net-ssh (>= 1.99.1)
    newrelic_rpm (3.3.0)
    nokogiri (1.5.5)
    paper_trail (2.6.3)
      activerecord (~> 3.0)
      railties (~> 3.0)
    paperclip (2.8.0)
      activerecord (>= 2.3.0)
      activesupport (>= 2.3.2)
      cocaine (>= 0.0.2)
      mime-types
    pg (0.13.2)
    polyamorous (0.5.0)
      activerecord (~> 3.0)
    polyglot (0.3.3)
    premailer (1.7.3)
      css_parser (>= 1.1.9)
      htmlentities (>= 4.0.0)
    prototype-rails (3.2.1)
      rails (~> 3.2)
    rack (1.4.1)
    rack-cache (1.2)
      rack (>= 0.4)
    rack-ssl (1.3.2)
      rack
    rack-test (0.6.2)
      rack (>= 1.0)
    rails (3.2.9)
      actionmailer (= 3.2.9)
      actionpack (= 3.2.9)
      activerecord (= 3.2.9)
      activeresource (= 3.2.9)
      activesupport (= 3.2.9)
      bundler (~> 1.0)
      railties (= 3.2.9)
    rails-erd (1.0.0)
      activerecord (>= 3.0)
      activesupport (>= 3.0)
      choice (~> 0.1.6)
      ruby-graphviz (~> 1.0.4)
    rails3-jquery-autocomplete (1.0.10)
      rails (~> 3.0)
    railties (3.2.9)
      actionpack (= 3.2.9)
      activesupport (= 3.2.9)
      rack-ssl (~> 1.3.2)
      rake (>= 0.8.7)
      rdoc (~> 3.4)
      thor (>= 0.14.6, < 2.0)
    rake (10.0.0)
    ransack_ffcrm (0.7.1)
      actionpack (~> 3.0)
      activerecord (~> 3.0)
      chronic (~> 0.6.7)
      polyamorous (~> 0.5.0)
    ransack_ui (0.1.3)
      chronic (>= 0.6.7)
    rbx-require-relative (0.0.9)
    rdoc (3.12)
      json (~> 1.4)
    responds_to_parent (1.1.0)
    ri_cal (0.8.8)
    ruby-debug (0.10.4)
      columnize (>= 0.1)
      ruby-debug-base (~> 0.10.4.0)
    ruby-debug-base (0.10.4)
      linecache (>= 0.3)
    ruby-graphviz (1.0.8)
    rvm-capistrano (1.2.7)
      capistrano (>= 2.0.0)
    sass (3.2.3)
    sass-rails (3.2.5)
      railties (~> 3.2.0)
      sass (>= 3.1.10)
      tilt (~> 1.3)
    select2-rails (3.2.1)
      thor (~> 0.14)
    simple_form (2.0.4)
      actionpack (~> 3.0)
      activemodel (~> 3.0)
    sprockets (2.2.1)
      hike (~> 1.2)
      multi_json (~> 1.0)
      rack (~> 1.0)
      tilt (~> 1.1, != 1.3.0)
    therubyracer (0.10.2)
      libv8 (~> 3.3.10)
    thor (0.16.0)
    tilt (1.3.3)
    treetop (1.4.12)
      polyglot
      polyglot (>= 0.3.1)
    turbo-sprockets-rails3 (0.3.2)
      railties (> 3.2.8, < 4.0.0)
      sprockets (>= 2.0.0)
    tzinfo (0.3.35)
    uglifier (1.3.0)
      execjs (>= 0.3.0)
      multi_json (~> 1.0, >= 1.0.2)
    valium (0.5.0)
      activerecord (>= 3.0.2)
    whenever (0.7.3)
      activesupport (>= 2.3.4)
      chronic (~> 0.6.3)
    will_paginate (3.0.3)

PLATFORMS
  ruby

DEPENDENCIES
  RedCloth
  bundler_local_development
  coffee-rails (~> 3.2.1)
  crossroads_capistrano!
  crowd-crossroads!
  crowd_rails!
  debugger
  fat_free_crm!
  ffcrm_authlogic_api!
  ffcrm_calendar!
  ffcrm_crossroads!
  ffcrm_crossroads_formstack!
  ffcrm_crowd!
  ffcrm_lookup_field!
  ffcrm_merge!
  ffcrm_meta_search!
  ffcrm_mingle!
  ffcrm_service_hooks!
  formstack (= 0.0.1)
  hoptoad_notifier
  mingle4r!
  newrelic_rpm (= 3.3.0)
  pg (~> 0.13.2)
  rails-erd
  ruby-debug
  sass-rails (~> 3.2.3)
  soap4r!
  therubyracer
  turbo-sprockets-rails3
  uglifier (>= 1.0.3)
  whenever (~> 0.7.0)
