GIT
  remote: git://github.com/crossroads/crowd.git
  revision: 3b0da25cf2d57ac6e5633b5e601538eb1291c98c
  specs:
    crowd-crossroads (0.5.12)

GIT
  remote: git://github.com/crossroads/crowd_rails.git
  revision: 371f57ee567bec9acfafc6e05b4bf25de568936e
  specs:
    crowd_rails (0.5.11)

GIT
  remote: git://github.com/crossroads/ffcrm_authlogic_api.git
  revision: 8599f41419de7e8444b674290f8d4a77552580d6
  specs:
    ffcrm_authlogic_api (0.1.0)
      authlogic
      fat_free_crm

GIT
  remote: git://github.com/crossroads/ffcrm_crossroads_formstack.git
  revision: 11b29566e326d85b07f27a2845ba597e0c431de4
  branch: gem
  specs:
    ffcrm_crossroads_formstack (1.0.1)
      fat_free_crm
      formstack

GIT
  remote: git://github.com/crossroads/ffcrm_meta_search.git
  revision: e8397eebddc231217dc1136cba66812b5067503b
  branch: gem
  specs:
    ffcrm_meta_search (1.0.1)
      fat_free_crm

GIT
  remote: git://github.com/crossroads/mingle4r.git
  revision: 1eb1401035f2089d4a9cd6e8e716f02cc59e0bfe
  specs:
    mingle4r (0.4.8)
      activeresource

GIT
  remote: git://github.com/fatfreecrm/chosen-rails.git
  revision: 33c92a8554ee14d11b7293eb531371a05c0a0b67
  specs:
    chosen-rails (0.9.5)
      railties (~> 3.0)
      thor (~> 0.14)

GIT
  remote: git://github.com/fatfreecrm/fat_free_crm.git
  revision: fa502d2a5e3d49f4285f83d61e3acd69643a4a11
  branch: notifications
  specs:
    fat_free_crm (0.11.0)
      acts-as-taggable-on (~> 2.2.1)
      acts_as_commentable (~> 3.0.1)
      acts_as_list (~> 0.1.4)
      ajax-chosen-rails (>= 0.1.5)
      authlogic (~> 3.1.0)
      cancan
      chosen-rails
      dynamic_form
      email_reply_parser
      ffaker (>= 1.12.0)
      haml (~> 3.1.3)
      jquery-rails
      paper_trail
      paperclip (~> 2.7.0)
      prototype-rails
      rails (~> 3.2.2)
      ransack (~> 0.6.0)
      responds_to_parent
      sass (~> 3.1.15)
      simple_form (~> 2.0.1)
      uglifier
      will_paginate (~> 3.0.2)

GIT
  remote: git://github.com/fatfreecrm/ffcrm_crowd.git
  revision: 6b5d5cebdacda3a8c8fa9994bc14a87aca3c0f39
  specs:
    ffcrm_crowd (1.0.1)
      fat_free_crm

GIT
  remote: git://github.com/fatfreecrm/ffcrm_merge.git
  revision: fb78a42514df21f52f8e4aaaa9c378057f6d0d53
  specs:
    ffcrm_merge (1.2)
      fat_free_crm

GIT
  remote: git://github.com/fatfreecrm/ffcrm_mingle.git
  revision: 8890609fa936bdf36fbb585f91b1ebb79ef6c69a
  specs:
    ffcrm_mingle (1.0.1)
      fat_free_crm
      mingle4r

GIT
  remote: git://github.com/fatfreecrm/ffcrm_service_hooks.git
  revision: 760a9af612745a0131a71450230fd3343d04e81e
  specs:
    ffcrm_service_hooks (1.0.1)
      fat_free_crm
      ffcrm_merge
      nestful

GIT
  remote: git://github.com/fatfreecrm/ransack.git
  revision: 92f5812d4320e5f1959f844d19d0386bb5654a08
  specs:
    ransack (0.6.0)
      actionpack (~> 3.0)
      activerecord (~> 3.0)
      chronic (~> 0.6.7)
      polyamorous (~> 0.5.0)

GIT
  remote: git://github.com/tribalvibes/soap4r-spox.git
  revision: 7e3cb897d7c0f5a0bc47fe6976610348cbd1f80a
  specs:
    soap4r (1.5.8.5)
      httpclient (>= 2.1.1)

GIT
  remote: git@bitbucket.org:crossroadsIT/ffcrm_crossroads.git
  revision: 5933afc9d01254b64f822b37b836aed8479dcbce
  specs:
    ffcrm_crossroads (1.0.1)
      fat_free_crm

GIT
  remote: https://github.com/LessonPlanet/responds_to_parent.git
  revision: 1f0c6d82eda5e7f331a30fc029e7ead2a7dbdebf
  specs:
    responds_to_parent (1.0.20091013)

GEM
  remote: https://rubygems.org/
  specs:
    RedCloth (4.2.9)
    actionmailer (3.2.2)
      actionpack (= 3.2.2)
      mail (~> 2.4.0)
    actionpack (3.2.2)
      activemodel (= 3.2.2)
      activesupport (= 3.2.2)
      builder (~> 3.0.0)
      erubis (~> 2.7.0)
      journey (~> 1.0.1)
      rack (~> 1.4.0)
      rack-cache (~> 1.1)
      rack-test (~> 0.6.1)
      sprockets (~> 2.1.2)
    activemodel (3.2.2)
      activesupport (= 3.2.2)
      builder (~> 3.0.0)
    activerecord (3.2.2)
      activemodel (= 3.2.2)
      activesupport (= 3.2.2)
      arel (~> 3.0.2)
      tzinfo (~> 0.3.29)
    activeresource (3.2.2)
      activemodel (= 3.2.2)
      activesupport (= 3.2.2)
    activesupport (3.2.2)
      i18n (~> 0.6)
      multi_json (~> 1.0)
    acts-as-taggable-on (2.2.2)
      rails (~> 3.0)
    acts_as_commentable (3.0.1)
    acts_as_list (0.1.5)
    ajax-chosen-rails (0.1.5)
      chosen-rails
      railties (~> 3.0)
      thor (~> 0.14)
    archive-tar-minitar (0.5.2)
    arel (3.0.2)
    authlogic (3.1.0)
      activerecord (>= 3.0.7)
      activerecord (>= 3.0.7)
    builder (3.0.0)
    bundler_local_development (0.1.0)
      bundler
    cancan (1.6.7)
    capistrano (2.11.2)
      highline
      net-scp (>= 1.0.0)
      net-sftp (>= 2.0.0)
      net-ssh (>= 2.0.14)
      net-ssh-gateway (>= 1.1.0)
    capistrano-ext (1.2.1)
      capistrano (>= 1.0.0)
    capistrano_colors (0.5.5)
    chronic (0.6.7)
    cocaine (0.2.1)
    coffee-rails (3.2.2)
      coffee-script (>= 2.2.0)
      railties (~> 3.2.0)
    coffee-script (2.2.0)
      coffee-script-source
      execjs
    coffee-script-source (1.2.0)
    columnize (0.3.6)
    crossroads_capistrano (1.4.42)
      capistrano (>= 2.6.0)
      capistrano-ext (>= 1.2.1)
      capistrano_colors (>= 0.5.4)
      rvm-capistrano (>= 1.0.1)
    dynamic_form (1.1.4)
    email_reply_parser (0.5.0)
    erubis (2.7.0)
    execjs (1.3.0)
      multi_json (~> 1.0)
    ffaker (1.14.0)
    formstack (0.0.1)
      hashie (>= 0.1.3)
      httparty (>= 0.1.0)
    haml (3.1.4)
    hashie (1.2.0)
    highline (1.6.11)
    hike (1.2.1)
    hoptoad_notifier (2.4.11)
      activesupport
      builder
    httparty (0.8.1)
      multi_json
      multi_xml
    httpclient (2.2.4)
    i18n (0.6.0)
    journey (1.0.3)
    jquery-rails (2.0.1)
      railties (>= 3.2.0, < 5.0)
      thor (~> 0.14)
    json (1.6.6)
    kgio (2.7.4)
    libv8 (3.3.10.4)
    linecache (0.46)
      rbx-require-relative (> 0.0.4)
    linecache19 (0.5.13)
      ruby_core_source (>= 0.1.4)
    mail (2.4.4)
      i18n (>= 0.4.0)
      mime-types (~> 1.16)
      treetop (~> 1.4.8)
    mime-types (1.18)
    multi_json (1.2.0)
    multi_xml (0.4.2)
    nestful (0.0.8)
      activesupport (>= 3.0.0.beta)
    net-scp (1.0.4)
      net-ssh (>= 1.99.1)
    net-sftp (2.0.5)
      net-ssh (>= 2.0.9)
    net-ssh (2.3.0)
    net-ssh-gateway (1.1.0)
      net-ssh (>= 1.99.1)
    newrelic_rpm (3.3.0)
    paper_trail (2.6.3)
      activerecord (~> 3.0)
      railties (~> 3.0)
    paperclip (2.7.0)
      activerecord (>= 2.3.0)
      activesupport (>= 2.3.2)
      cocaine (>= 0.0.2)
      mime-types
    pg (0.12.2)
    polyamorous (0.5.0)
      activerecord (~> 3.0)
    polyglot (0.3.3)
    prototype-rails (3.2.1)
      rails (~> 3.2)
    rack (1.4.1)
    rack-cache (1.2)
      rack (>= 0.4)
    rack-ssl (1.3.2)
      rack
    rack-test (0.6.1)
      rack (>= 1.0)
    rails (3.2.2)
      actionmailer (= 3.2.2)
      actionpack (= 3.2.2)
      activerecord (= 3.2.2)
      activeresource (= 3.2.2)
      activesupport (= 3.2.2)
      bundler (~> 1.0)
      railties (= 3.2.2)
    railties (3.2.2)
      actionpack (= 3.2.2)
      activesupport (= 3.2.2)
      rack-ssl (~> 1.3.2)
      rake (>= 0.8.7)
      rdoc (~> 3.4)
      thor (~> 0.14.6)
    raindrops (0.8.0)
    rake (0.9.2.2)
    rbx-require-relative (0.0.9)
    rdoc (3.12)
      json (~> 1.4)
    ruby-debug (0.10.4)
      columnize (>= 0.1)
      ruby-debug-base (~> 0.10.4.0)
    ruby-debug-base (0.10.4)
      linecache (>= 0.3)
    ruby-debug-base19 (0.11.26)
      columnize (>= 0.3.1)
      linecache19 (>= 0.5.11)
      ruby_core_source (>= 0.1.4)
    ruby-debug19 (0.11.6)
      columnize (>= 0.3.1)
      linecache19 (>= 0.5.11)
      ruby-debug-base19 (>= 0.11.19)
    ruby_core_source (0.1.5)
      archive-tar-minitar (>= 0.5.2)
    rvm-capistrano (1.0.2)
      capistrano (>= 2.0.0)
    sass (3.1.15)
    sass-rails (3.2.5)
      railties (~> 3.2.0)
      sass (>= 3.1.10)
      tilt (~> 1.3)
    simple_form (2.0.1)
      actionpack (~> 3.0)
      activemodel (~> 3.0)
    sprockets (2.1.2)
      hike (~> 1.2)
      rack (~> 1.0)
      tilt (~> 1.1, != 1.3.0)
    therubyracer (0.10.0)
      libv8 (~> 3.3.10)
    thor (0.14.6)
    tilt (1.3.3)
    treetop (1.4.10)
      polyglot
      polyglot (>= 0.3.1)
    tzinfo (0.3.32)
    uglifier (1.2.4)
      execjs (>= 0.3.0)
      multi_json (>= 1.0.2)
    unicorn (4.2.1)
      kgio (~> 2.6)
      rack
      raindrops (~> 0.7)
    whenever (0.7.3)
      activesupport (>= 2.3.4)
      chronic (~> 0.6.3)
    will_paginate (3.0.3)

PLATFORMS
  ruby

DEPENDENCIES
  RedCloth
  bundler_local_development
  chosen-rails!
  coffee-rails (~> 3.2.1)
  crossroads_capistrano (= 1.4.42)
  crowd-crossroads!
  crowd_rails!
  fat_free_crm!
  ffcrm_authlogic_api!
  ffcrm_crossroads!
  ffcrm_crossroads_formstack!
  ffcrm_crowd!
  ffcrm_merge!
  ffcrm_meta_search!
  ffcrm_mingle!
  ffcrm_service_hooks!
  formstack (= 0.0.1)
  hoptoad_notifier
  mingle4r!
  newrelic_rpm (= 3.3.0)
  pg (~> 0.12.2)
  ransack!
  responds_to_parent!
  ruby-debug
  ruby-debug19
  sass-rails (~> 3.2.3)
  soap4r!
  therubyracer
  uglifier (>= 1.0.3)
  unicorn
  whenever (~> 0.7.0)
